GIT
  remote: git://github.com/collectiveidea/delayed_job.git
  revision: fde9720fbbda599d43cfffdc7901d95bad40d09f
  specs:
    delayed_job (2.1.4)
      activesupport (~> 3.0)
      daemons

GEM
  remote: http://rubygems.org/
  specs:
    activemodel (3.0.7)
      activesupport (= 3.0.7)
      builder (~> 2.1.2)
      i18n (~> 0.5.0)
    activesupport (3.0.7)
    bson (1.3.0)
    bson_ext (1.3.0)
    builder (2.1.2)
    daemons (1.1.3)
    diff-lcs (1.1.2)
    i18n (0.5.0)
    mongo (1.3.0)
      bson (>= 1.3.0)
    mongo_mapper (0.9.0)
      activemodel (~> 3.0.0)
      activesupport (~> 3.0.0)
      plucky (~> 0.3.6)
    plucky (0.3.8)
      mongo (~> 1.3)
    rake (0.8.7)
    rspec (2.5.0)
      rspec-core (~> 2.5.0)
      rspec-expectations (~> 2.5.0)
      rspec-mocks (~> 2.5.0)
    rspec-core (2.5.1)
    rspec-expectations (2.5.0)
      diff-lcs (~> 1.1.2)
    rspec-mocks (2.5.0)
    tzinfo (0.3.26)

PLATFORMS
  ruby

DEPENDENCIES
  bson_ext
  delayed_job!
  i18n
  mongo_mapper
  rake
  rspec
  tzinfo
